GEM
  remote: https://rubygems.org/
  specs:
    rack (1.5.2)

PLATFORMS
  java

DEPENDENCIES
  rack
